NUGET
  remote: https://nuget.org/api/v2
  specs:
    Dynamitey (1.0.2.0)
    EnterpriseLibrary.SemanticLogging (2.0.1406.1)
      Newtonsoft.Json (>= 5.0.8)
    FAKE (3.35.1)
    FSharp.Compiler.Service (0.0.89)
    FSharp.Core (4.0.0.1)
    FSharp.Formatting (2.8.0)
      FSharp.Compiler.Service (>= 0.0.86)
      FSharpVSPowerTools.Core (>= 1.7.0)
    FSharp.Interop.Dynamic (3.0.0)
      Dynamitey (>= 1.0.2.0)
      FSharp.Core (>= 3.1.2.1)
    FSharpVSPowerTools.Core (1.7.0)
      FSharp.Compiler.Service (>= 0.0.81)
    FsPickler (1.2.9)
    Microsoft.AspNet.SignalR.Client (2.2.0)
      Microsoft.Net.Http (>= 2.2.28) - framework: wpv8.1, portable-net45+sl50+win+wp80+wp81
      Newtonsoft.Json (>= 6.0.4) - framework: wpv8.1, portable-net45+sl50+win+wp80+wp81, >= net40
    Microsoft.AspNet.SignalR.Core (2.2.0)
      Microsoft.Owin (>= 2.1.0)
      Microsoft.Owin.Security (>= 2.1.0)
      Newtonsoft.Json (>= 6.0.4)
      Owin (>= 1.0)
    Microsoft.AspNet.SignalR.Owin (1.2.2)
      Microsoft.AspNet.SignalR.Core (>= 1.2.2)
      Owin (>= 1.0)
    Microsoft.Bcl (1.1.10)
      Microsoft.Bcl.Build (>= 1.0.14)
    Microsoft.Bcl.Build (1.0.21) - import_targets: false
    Microsoft.Data.Edm (5.6.4) - framework: winv4.5, wpv8.1, wpv8.0, >= net40
    Microsoft.Data.OData (5.6.4) - framework: winv4.5, wpv8.1, wpv8.0, >= net40
      Microsoft.Data.Edm (5.6.4)
      System.Spatial (5.6.4)
    Microsoft.Data.Services.Client (5.6.4) - framework: >= net40
      Microsoft.Data.OData (5.6.4)
    Microsoft.Diagnostics.Tracing.TraceEvent (1.0.32)
    Microsoft.Net.Http (2.2.29)
      Microsoft.Bcl (>= 1.1.10)
      Microsoft.Bcl.Build (>= 1.0.14)
    Microsoft.Owin (3.0.1)
      Owin (>= 1.0)
    Microsoft.Owin.Host.HttpListener (3.0.1)
    Microsoft.Owin.Hosting (3.0.1)
      Microsoft.Owin (>= 3.0.1)
      Owin (>= 1.0)
    Microsoft.Owin.Security (3.0.1)
      Microsoft.Owin (>= 3.0.1)
      Owin (>= 1.0)
    Microsoft.Tpl.Dataflow (4.5.24)
    Microsoft.WindowsAzure.ConfigurationManager (3.1.0) - framework: >= net40
    Nancy (1.2.0)
    Nancy.Hosting.Self (1.2.0)
      Nancy (>= 1.2.0)
    Nancy.Owin (1.2.0)
      Nancy (>= 1.2.0)
      Owin (>= 1.0)
    Newtonsoft.Json (7.0.1)
    Nowin (0.20.0.0)
    NUnit (2.6.4)
    NUnit.Runners (2.6.4)
    Octokit (0.12.0)
      Microsoft.Net.Http
    Owin (1.0.0)
    Rx-Core (2.2.5)
      Rx-Interfaces (>= 2.2.5)
    Rx-Interfaces (2.2.5)
    Rx-Linq (2.2.5)
      Rx-Core (>= 2.2.5)
      Rx-Interfaces (>= 2.2.5)
    Rx-Main (2.2.5)
      Rx-Core (>= 2.2.5)
      Rx-Interfaces (>= 2.2.5)
      Rx-Linq (>= 2.2.5)
      Rx-PlatformServices (>= 2.2.5)
    Rx-PlatformServices (2.2.5)
      Rx-Core (>= 2.2.5)
      Rx-Interfaces (>= 2.2.5)
    SourceLink.Fake (0.5.0)
    System.Spatial (5.6.4) - framework: winv4.5, wpv8.1, wpv8.0, >= net40
    UnionArgParser (0.8.7)
    WindowsAzure.Storage (4.3.0)
      Microsoft.Data.OData (>= 5.6.2) - framework: winv4.5, wpv8.1, wpv8.0, >= net40
      Microsoft.Data.Services.Client (>= 5.6.2) - framework: >= net40
      Microsoft.WindowsAzure.ConfigurationManager (>= 1.8.0.0) - framework: >= net40
      Newtonsoft.Json (>= 5.0.8) - framework: wpv8.0, >= net40
GITHUB
  remote: fsharp/FAKE
  specs:
    modules/Octokit/Octokit.fsx (35561a758d7a299e57832375cad11ad6213e70c8)
      Octokit