NUGET
  remote: https://nuget.org/api/v2
  specs:
    EnterpriseLibrary.SemanticLogging (2.0.1406.1)
      Newtonsoft.Json (>= 5.0.8)
    FAKE (3.28.7)
    FSharp.Compiler.Service (0.0.89)
    FSharp.Core (3.1.2.1)
    FSharp.Formatting (2.8.0)
      FSharp.Compiler.Service (>= 0.0.86)
      FSharpVSPowerTools.Core (>= 1.7.0)
    FSharpVSPowerTools.Core (1.7.0)
      FSharp.Compiler.Service (>= 0.0.81)
    FsPickler (1.0.16)
    Microsoft.Diagnostics.Tracing.TraceEvent (1.0.26)
    Newtonsoft.Json (6.0.8)
    NUnit (2.6.4)
    NUnit.Runners (2.6.4)
    Rx-Core (2.2.5)
      Rx-Interfaces (>= 2.2.5)
    Rx-Interfaces (2.2.5)
    Rx-Linq (2.2.5)
      Rx-Core (>= 2.2.5)
      Rx-Interfaces (>= 2.2.5)
    Rx-Main (2.2.5)
      Rx-Core (>= 2.2.5)
      Rx-Interfaces (>= 2.2.5)
      Rx-Linq (>= 2.2.5)
      Rx-PlatformServices (>= 2.2.5)
    Rx-PlatformServices (2.2.5)
      Rx-Core (>= 2.2.5)
      Rx-Interfaces (>= 2.2.5)
    SourceLink.Fake (0.5.0)
    Suave (0.26.1)
      FSharp.Core (>= 3.1.2.1)
      FsPickler (>= 1.0.7)
    UnionArgParser (0.8.6)
